GEM
  remote: http://rubygems.org/
  specs:
    daemons (1.1.9)
    dotenv (1.0.2)
    eventmachine (1.0.3)
    mysql (2.9.1)
    rack (1.5.2)
    rack-protection (1.5.3)
      rack
    shotgun (0.9)
      rack (>= 1.0)
    sinatra (1.4.5)
      rack (~> 1.4)
      rack-protection (~> 1.4)
      tilt (~> 1.3, >= 1.3.4)
    thin (1.6.3)
      daemons (~> 1.0, >= 1.0.9)
      eventmachine (~> 1.0)
      rack (~> 1.0)
    tilt (1.4.1)

PLATFORMS
  ruby

DEPENDENCIES
  daemons (= 1.1.9)
  dotenv (= 1.0.2)
  eventmachine (= 1.0.3)
  mysql (= 2.9.1)
  rack (= 1.5.2)
  rack-protection (= 1.5.3)
  shotgun (= 0.9)
  sinatra (= 1.4.5)
  thin (= 1.6.3)
  tilt (= 1.4.1)
